PATH
  remote: ..
  specs:
    mruby-build-command (0.1.0)
      mruby-source

PATH
  remote: ../../mruby
  specs:
    mruby-source (1.1.0)

GEM
  specs:

PLATFORMS
  ruby

DEPENDENCIES
  mruby-build-command!
  mruby-source!

BUNDLED WITH
   1.10.6
